GEM
  remote: https://rubygems.org/
  specs:
    mini_portile2 (2.2.0)
    nokogiri (1.8.0)
      mini_portile2 (~> 2.2.0)
    rtesseract (2.1.0)
      nokogiri

PLATFORMS
  ruby

DEPENDENCIES
  rtesseract

BUNDLED WITH
   1.14.6
